GEM
  remote: https://rubygems.org/
  specs:
    kramdown (1.16.2)
    rake (12.3.0)
    redcarpet (3.4.0)

PLATFORMS
  ruby

DEPENDENCIES
  kramdown
  rake
  redcarpet

BUNDLED WITH
   1.13.6
